Brain Vision Data Exchange Header File Version 1.0
; Data created by the Vision Recorder

[Common Infos]
Codepage=UTF-8
DataFile=003_noSOA.eeg
MarkerFile=003_noSOA.vmrk
DataFormat=BINARY
; Data orientation: MULTIPLEXED=ch1,pt1, ch2,pt1 ...
DataOrientation=MULTIPLEXED
NumberOfChannels=20
; Sampling interval in microseconds
SamplingInterval=1000

[Binary Infos]
BinaryFormat=INT_16

[Channel Infos]
; Each entry: Ch<Channel number>=<Name>,<Reference channel name>,
; <Resolution in "Unit">,<Unit>, Future extensions..
; Fields are delimited by commas, some fields might be omitted (empty).
; Commas in channel names are coded as "\1".
Ch1=M2,,0.1,µV
Ch2=Oz,,0.1,µV
Ch3=Pz,,0.1,µV
Ch4=Cz,,0.1,µV
Ch5=FCz,,0.1,µV
Ch6=Fz,,0.1,µV
Ch7=O1,,0.1,µV
Ch8=O2,,0.1,µV
Ch9=P3,,0.1,µV
Ch10=P4,,0.1,µV
Ch11=P7,,0.1,µV
Ch12=P8,,0.1,µV
Ch13=CP1,,0.1,µV
Ch14=CP2,,0.1,µV
Ch15=C5,,0.1,µV
Ch16=C6,,0.1,µV
Ch17=F3,,0.1,µV
Ch18=F4,,0.1,µV
Ch19=VEOG,,0.1,µV
Ch20=HEOG,,0.1,µV

[Comment]

BrainVision Recorder Professional   -   V. 1.20.0701


A m p l i f i e r  S e t u p
============================
Number of channels: 20
Sampling Rate [Hz]: 1000
Sampling Interval [µS]: 1000

Channels
--------
#     Name      Phys. Chn.    Resolution / Unit   Low Cutoff [s]   High Cutoff [Hz]   Notch [Hz]    Series Res. [kOhm] Gradient         Offset
1     M2          1                0.1 µV             10              250              Off                0                 
2     Oz          2                0.1 µV             10              250              Off                0                 
3     Pz          3                0.1 µV             10              250              Off                0                 
4     Cz          4                0.1 µV             10              250              Off                0                 
5     FCz         5                0.1 µV             10              250              Off                0                 
6     Fz          6                0.1 µV             10              250              Off                0                 
7     O1          7                0.1 µV             10              250              Off                0                 
8     O2          8                0.1 µV             10              250              Off                0                 
9     P3          9                0.1 µV             10              250              Off                0                 
10    P4          10               0.1 µV             10              250              Off                0                 
11    P7          11               0.1 µV             10              250              Off                0                 
12    P8          12               0.1 µV             10              250              Off                0                 
13    CP1         13               0.1 µV             10              250              Off                0                 
14    CP2         14               0.1 µV             10              250              Off                0                 
15    C5          15               0.1 µV             10              250              Off                0                 
16    C6          16               0.1 µV             10              250              Off                0                 
17    F3          17               0.1 µV             10              250              Off                0                 
18    F4          18               0.1 µV             10              250              Off                0                 
19    VEOG        33               0.1 µV             10              250              Off                0                 
20    HEOG        34               0.1 µV             10              250              Off                0                 

S o f t w a r e  F i l t e r s
==============================
Disabled


Data Electrodes Selected Impedance Measurement Range: 0 - 10 kOhm
Ground Electrode Selected Impedance Measurement Range: 0 - 10 kOhm
Reference Electrode Selected Impedance Measurement Range: 0 - 10 kOhm
Impedance [kOhm] at 15:02:46 :
M2:           0
Oz:           6
Pz:           4
Cz:           4
FCz:          5
Fz:           4
O1:           4
O2:           3
P3:           4
P4:           5
P7:           5
P8:           6
CP1:          6
CP2:          5
C5:           4
C6:           2
F3:           2
F4:           3
VEOG+:        2
VEOG-:        3
HEOG+:        1
HEOG-:        2
Ref:          1
Gnd:          4
